GEM
  remote: http://rubygems.org/
  specs:
    activesupport (3.2.6)
      i18n (~> 0.6)
      multi_json (~> 1.0)
    amq-client (0.9.2)
      amq-protocol (>= 0.9.0)
      eventmachine
    amq-protocol (0.9.0)
    amqp (0.9.4)
      amq-client (~> 0.9.2)
      amq-protocol (>= 0.9.0)
      eventmachine
    daemons (1.1.8)
    eventmachine (1.0.0.beta.4)
    i18n (0.6.0)
    multi_json (1.3.6)

PLATFORMS
  ruby

DEPENDENCIES
  activesupport
  amqp
  daemons
